GEM
  remote: https://rubygems.org/
  specs:
    addressable (2.3.7)
    ansi (1.5.0)
    boxen (2.4.0)
      ansi (~> 1.4)
      hiera (~> 1.0)
      highline (~> 1.6)
      json_pure (>= 1.7.7, < 2.0)
      librarian-puppet (~> 0.9.10)
      octokit (~> 2.3.0)
      puppet (~> 3.0)
    cardboard (2.1.0)
      boxen (~> 2.1)
      puppet-lint (~> 0.3)
      puppetlabs_spec_helper (~> 0.4)
      rspec-puppet (~> 1.0)
    deep_merge (1.0.1)
    diff-lcs (1.2.5)
    facter (1.7.6)
    faraday (0.9.1)
      multipart-post (>= 1.2, < 3)
    hiera (1.3.4)
      json_pure
    highline (1.7.1)
    json (2.3.1)
    json_pure (1.8.2)
    librarian (0.1.2)
      highline
      thor (~> 0.15)
    librarian-puppet (0.9.17)
      json
      librarian (>= 0.1.2)
    metaclass (0.0.4)
    mocha (1.1.0)
      metaclass (~> 0.0.1)
    multipart-post (2.0.0)
    octokit (2.3.1)
      sawyer (~> 0.5.1)
    puppet (3.3.2)
      facter (~> 1.6)
      hiera (~> 1.0)
      rgen (~> 0.6.5)
    puppet-lint (0.3.2)
    puppetlabs_spec_helper (0.4.1)
      mocha (>= 0.10.5)
      rake
      rspec (>= 2.9.0)
      rspec-puppet (>= 0.1.1)
    rake (10.3.2)
    rgen (0.6.6)
    rspec (2.14.1)
      rspec-core (~> 2.14.0)
      rspec-expectations (~> 2.14.0)
      rspec-mocks (~> 2.14.0)
    rspec-core (2.14.8)
    rspec-expectations (2.14.5)
      diff-lcs (>= 1.1.3, < 2.0)
    rspec-mocks (2.14.6)
    rspec-puppet (1.0.1)
      rspec
    sawyer (0.5.5)
      addressable (~> 2.3.5)
      faraday (~> 0.8, < 0.10)
    thor (0.19.1)

PLATFORMS
  ruby

DEPENDENCIES
  boxen (~> 2.4.0)
  cardboard (~> 2.1)
  deep_merge (~> 1.0)
  puppet (< 3.4.0)
